

GROUP ci
NUGET
  remote: https://www.nuget.org/api/v2
    FAKE (4.46.1)
    GitVersion.CommandLine (3.6.5)
